GIT
  remote: git://github.com/princelab/Rserve-Ruby-client.git
  revision: 32143af26da9e9ac66d9bd51d414bf54d45425c1
  specs:
    rserve-client (0.2.5)
      rake

GEM
  remote: http://rubygems.org/
  specs:
    bacon (1.1.0)
    git (1.2.5)
    jeweler (1.5.2)
      bundler (~> 1.0.0)
      git (>= 1.2.5)
      rake
    rake (0.8.7)
    spec-more (0.0.3)
      bacon

PLATFORMS
  ruby

DEPENDENCIES
  bundler (~> 1.0.0)
  jeweler (~> 1.5.2)
  rserve-client (~> 0.2.5)!
  spec-more
